PATH
  remote: .
  specs:
    neptune (0.0.8)
      soap4r

GEM
  remote: http://rubygems.org/
  specs:
    flexmock (0.9.0)
    httpclient (2.2.0)
    rcov (0.9.9)
    soap4r (1.5.8)
      httpclient (>= 2.1.1)

PLATFORMS
  ruby

DEPENDENCIES
  flexmock
  neptune!
  rcov
